PATH
  remote: .
  specs:
    twilio-ruby (3.11.4)
      builder (>= 2.1.2)
      jwt (>= 0.1.2)
      multi_json (>= 1.3.0)

GEM
  remote: https://rubygems.org/
  specs:
    builder (3.2.2)
    diff-lcs (1.1.3)
    fakeweb (1.3.0)
    jwt (0.1.8)
      multi_json (>= 1.5)
    multi_json (1.8.2)
    rack (1.3.10)
    rake (0.9.6)
    rspec (2.6.0)
      rspec-core (~> 2.6.0)
      rspec-expectations (~> 2.6.0)
      rspec-mocks (~> 2.6.0)
    rspec-core (2.6.4)
    rspec-expectations (2.6.0)
      diff-lcs (~> 1.1.2)
    rspec-mocks (2.6.0)

PLATFORMS
  ruby

DEPENDENCIES
  fakeweb (~> 1.3.0)
  rack (~> 1.3.0)
  rake (~> 0.9.0)
  rspec (~> 2.6.0)
  twilio-ruby!
