PATH
  remote: .
  specs:
    eatabit-rails (0.0.1)
      builder (>= 2.1.2)
      jwt (>= 0.1.2)
      multi_json (>= 1.3.0)

GEM
  remote: https://rubygems.org/
  specs:
    builder (3.2.2)
    diff-lcs (1.2.5)
    fakeweb (1.3.0)
    jwt (0.1.8)
      multi_json (>= 1.5)
    multi_json (1.8.2)
    rack (1.3.10)
    rake (0.9.6)
    rspec (2.14.1)
      rspec-core (~> 2.14.0)
      rspec-expectations (~> 2.14.0)
      rspec-mocks (~> 2.14.0)
    rspec-core (2.14.7)
    rspec-expectations (2.14.4)
      diff-lcs (>= 1.1.3, < 2.0)
    rspec-mocks (2.14.4)

PLATFORMS
  ruby

DEPENDENCIES
  eatabit-rails!
  fakeweb (~> 1.3.0)
  rack (~> 1.3.0)
  rake (~> 0.9.0)
  rspec (~> 2.14.1)
